NUGET
  remote: https://www.nuget.org/api/v2
  specs:
    FSharp.Core (4.0.0.1)
    FsUnit (1.3.0.1)
      NUnit (>= 2.6.3)
    Newtonsoft.Json (8.0.3)
    NUnit (2.6.4)
    Suave (1.1.2)
      FSharp.Core (>= 3.1.2.5)
